GEM
  remote: https://rubygems.org/
  specs:
    chronic (0.10.2)
    daemons (1.2.4)
    dotenv (2.2.0)
    eventmachine (1.2.3)
    httparty (0.14.0)
      multi_xml (>= 0.5.2)
    multi_xml (0.6.0)
    rack (1.6.5)
    rack-protection (1.5.3)
      rack
    shotgun (0.9.2)
      rack (>= 1.0)
    sinatra (1.4.8)
      rack (~> 1.5)
      rack-protection (~> 1.4)
      tilt (>= 1.3, < 3)
    thin (1.7.0)
      daemons (~> 1.0, >= 1.0.9)
      eventmachine (~> 1.0, >= 1.0.4)
      rack (>= 1, < 3)
    tilt (2.0.7)

PLATFORMS
  ruby

DEPENDENCIES
  chronic
  dotenv
  httparty
  shotgun
  sinatra
  thin

RUBY VERSION
   ruby 2.2.3p173

BUNDLED WITH
   1.13.7
